{
  "Manufacturer": "Philips",
  "PatientPosition": "HFS",
  "SeriesDescription": "ImageMRSERIES",
  "ProtocolName": "RESTINGSTATESENSE",
  "SeriesNumber": 8,
  "AcquisitionNumber": 8,
  "ImageComments": "NESDA_M1_110877",
  "PhilipsRescaleSlope": 1.45885,
  "PhilipsRescaleIntercept": 0,
  "PhilipsScaleSlope": 0.00157145,
  "UsePhilipsFloatNotDisplayScaling": 1,
  "EchoTime": 0.03,
  "ImageOrientationPatientDICOM": [
    0.999934,
    -0.0000840591,
    -0.0115199,
    0.000174521,
    0.999969,
    0.00785189
  ],
  "ConversionSoftware": "dcm2niix",
  "ConversionSoftwareVersion": "v1.0.20250505",
  "RepetitionTime": 2.3,
  "SliceTiming": [
    0.0,
    11.82857142857143,
    0.6571428571428571,
    12.485714285714286,
    1.3142857142857143,
    13.142857142857142,
    1.9714285714285715,
    13.8,
    2.6285714285714286,
    14.457142857142857,
    3.2857142857142856,
    15.114285714285714,
    3.942857142857143,
    15.771428571428572,
    4.6,
    16.428571428571427,
    5.257142857142857,
    17.085714285714285,
    5.914285714285715,
    17.742857142857144,
    6.571428571428571,
    18.4,
    7.228571428571429,
    19.057142857142857,
    7.885714285714286,
    19.714285714285715,
    8.542857142857143,
    20.37142857142857,
    9.2,
    21.02857142857143,
    9.857142857142858,
    21.685714285714287,
    10.514285714285714,
    22.34285714285714,
    11.17142857142857
  ],
  "SliceEncodingDirection": "k",
  "PhaseEncodingDirection": "j-",
  "EffectiveEchoSpacing": 0.0143
}
