{
  "Manufacturer": "Philips",
  "PatientPosition": "HFS",
  "SeriesDescription": "ImageMRSERIES",
  "ProtocolName": "RestingstateSENSE",
  "SeriesNumber": 8,
  "AcquisitionNumber": 8,
  "ImageComments": "NESDA_120404_M1",
  "PhilipsRescaleSlope": 1.512,
  "PhilipsRescaleIntercept": 0,
  "PhilipsScaleSlope": 0.001446,
  "UsePhilipsFloatNotDisplayScaling": 1,
  "EchoTime": 0.03,
  "ImageOrientationPatientDICOM": [
    0.999816,
    0.00110508,
    -0.0191656,
    0,
    0.998342,
    0.057564
  ],
  "ConversionSoftware": "dcm2niix",
  "ConversionSoftwareVersion": "v1.0.20250505",
  "RepetitionTime": 2.3150
}
