{
  "Manufacturer": "Philips",
  "PatientPosition": "HFS",
  "SeriesDescription": "ImageMRSERIES",
  "ProtocolName": "RESTINGSTATESENSE",
  "SeriesNumber": 8,
  "AcquisitionNumber": 8,
  "ImageComments": "NESDA_M1_120464",
  "PhilipsRescaleSlope": 1.677,
  "PhilipsRescaleIntercept": 0,
  "PhilipsScaleSlope": 0.0005349,
  "UsePhilipsFloatNotDisplayScaling": 1,
  "EchoTime": 0.03,
  "ImageOrientationPatientDICOM": [
    0.999846,
    -0.000584854,
    0.0175297,
    0.00174506,
    0.997802,
    -0.0662434
  ],
  "ConversionSoftware": "dcm2niix",
  "ConversionSoftwareVersion": "v1.0.20250505",
  "RepetitionTime": 2.315,
  "SliceTiming": [
    0.0,
    0.066143,
    0.132286,
    0.198429,
    0.264571,
    0.330714,
    0.396857,
    0.463,
    0.529143,
    0.595286,
    0.661429,
    0.727571,
    0.793714,
    0.859857,
    0.926,
    0.992143,
    1.058286,
    1.124429,
    1.190571,
    1.256714,
    1.322857,
    1.389,
    1.455143,
    1.521286,
    1.587429,
    1.653571,
    1.719714,
    1.785857,
    1.852,
    1.918143,
    1.984286,
    2.050429,
    2.116571,
    2.182714,
    2.248857
  ],
  "NumberOfSlices": 35,
  "TaskName": "rest"
  "_SliceTimingCorrectionInfo": {
    "CorrectedBy": "JulianGaviriaL",
    "CorrectionDateTime": "2025-09-19T16:25:17.580681",
    "CorrectionScript": "fix_sub120464_from_par.py",
    "Subject": "sub-120464",
    "Session": "ses-01Amsterdam",
    "PAR_Source": "NESDA_120464_8_1.PAR",
    "PAR_TR_ms": 2315.0,
    "PAR_TR_seconds": 2.315,
    "PAR_Slices": 35,
    "OriginalTR": 2.315,
    "OriginalSliceTimingLength": 0,
    "CorrectedSliceTimingLength": 35,
    "AcquisitionPattern": "sequential_ascending",
    "ValidationPassed": true,
    "Note": "Corrected using actual PAR file parameters"
  }
}