{
  "Manufacturer": "Philips",
  "PatientPosition": "HFS",
  "SeriesDescription": "ImageMRSERIES",
  "ProtocolName": "R_stateSENSE",
  "SeriesNumber": 8,
  "AcquisitionNumber": 8,
  "ImageComments": "NESDA",
  "PhilipsRescaleSlope": 1.607,
  "PhilipsRescaleIntercept": 0,
  "PhilipsScaleSlope": 0.0007268,
  "UsePhilipsFloatNotDisplayScaling": 1,
  "EchoTime": 0.028,
  "ImageOrientationPatientDICOM": [
    0.999376,
    0.0105829,
    0.0337099,
    -0.0122103,
    0.998751,
    0.0484415
  ],
  "ConversionSoftware": "dcm2niix",
  "ConversionSoftwareVersion": "v1.0.20250505",
  "RepetitionTime": 2.3119,
  "SliceTiming": [
    0.0,
    11.855897435897436,
    0.5927948717948718,
    12.448692307692307,
    1.1855897435897436,
    13.041487179487179,
    1.7783846153846152,
    13.634282051282051,
    2.371179487179487,
    14.227076923076922,
    2.963974358974359,
    14.819871794871794,
    3.5567692307692305,
    15.412666666666667,
    4.149564102564103,
    16.00546153846154,
    4.742358974358974,
    16.59825641025641,
    5.335153846153846,
    17.19105128205128,
    5.927948717948718,
    17.783846153846152,
    6.5207435897435895,
    18.376641025641025,
    7.113538461538461,
    18.969435897435897,
    7.706333333333333,
    19.56223076923077,
    8.299128205128206,
    20.15502564102564,
    8.891923076923076,
    20.747820512820514,
    9.484717948717948,
    21.340615384615383,
    10.07751282051282,
    21.933410256410255,
    10.670307692307691,
    22.526205128205127,
    11.263102564102564
  ],
  "SliceEncodingDirection": "k",
  "PhaseEncodingDirection": "j-",
  "EffectiveEchoSpacing": 0.0102
}
