{
	"Manufacturer": "Philips",
	"PatientPosition": "HFS",
	"SeriesDescription": "ImageMRSERIES",
	"ProtocolName": "RestingstateSENSE",
	"SeriesNumber": 10,
	"AcquisitionNumber": 10,
	"ImageComments": "Nesda",
	"PhilipsRescaleSlope": 1.88254,
	"PhilipsRescaleIntercept": 0,
	"PhilipsScaleSlope": 0.00115206,
	"UsePhilipsFloatNotDisplayScaling": 1,
	"EchoTime": 0.03,
	"ImageOrientationPatientDICOM": [
		0.994013,
		0.104574,
		-0.0316482,
		-0.109213,
		0.959334,
		-0.26029	],
	"ConversionSoftware": "dcm2niix",
	"ConversionSoftwareVersion": "v1.0.20250505"
}
