{
  "Manufacturer": "Philips",
  "PatientPosition": "HFS",
  "SeriesDescription": "ImageMRSERIES",
  "ProtocolName": "RestingstateSENSE",
  "SeriesNumber": 13,
  "AcquisitionNumber": 13,
  "ImageComments": "NESDA",
  "PhilipsRescaleSlope": 1.67375,
  "PhilipsRescaleIntercept": 0,
  "PhilipsScaleSlope": 0.00118224,
  "UsePhilipsFloatNotDisplayScaling": 1,
  "EchoTime": 0.03,
  "ImageOrientationPatientDICOM": [
    0.999973,
    0.00637418,
    0.00363663,
    -0.00663217,
    0.997086,
    0.0760005
  ],
  "ConversionSoftware": "dcm2niix",
  "ConversionSoftwareVersion": "v1.0.20250505",
  "RepetitionTime": 2.3,
  "NumberOfSlices": 35,
  "SliceTiming": [
    0.0,
    1.182857,
    0.065714,
    1.248571,
    0.131429,
    1.314286,
    0.197143,
    1.38,
    0.262857,
    1.445714,
    0.328571,
    1.511429,
    0.394286,
    1.577143,
    0.46,
    1.642857,
    0.525714,
    1.708571,
    0.591429,
    1.774286,
    0.657143,
    1.84,
    0.722857,
    1.905714,
    0.788571,
    1.971429,
    0.854286,
    2.037143,
    0.92,
    2.102857,
    0.985714,
    2.168571,
    1.051429,
    2.234286,
    1.117143
  ],
  "SliceEncodingDirection": "k",
  "PhaseEncodingDirection": "j-",
  "WaterFatShift": 14.001,
  "TaskName": "rest",
  "_BIDSProcessingInfo": {
    "ProcessedBy": "JulianGaviriaL",
    "ProcessingDateTime": "2025-09-10 10:28:12 UTC",
    "ProcessingScript": "batch_bids_par_updater.py",
    "PhilipsSpecific": true,
    "PreparationDirectionUsed": true,
    "SliceEncodingFound": true,
    "SliceTimingMethod": "Interleaved ascending from bottom",
    "FieldsAdded": [
      "RepetitionTime",
      "NumberOfSlices",
      "SliceTiming",
      "SliceEncodingDirection",
      "PhaseEncodingDirection",
      "WaterFatShift",
      "TaskName"
    ],
    "FieldsUpdated": []
  }
}