{
    "Manufacturer": "Philips",
    "PatientPosition": "HFS",
    "SeriesDescription": "ImageMRSERIES",
    "ProtocolName": "WIPEPI_rest_newprotSENSE",
    "SeriesNumber": 4,
    "AcquisitionNumber": 4,
    "ImageComments": "NESDA",
    "PhilipsRescaleSlope": 0.86618,
    "PhilipsRescaleIntercept": 0,
    "PhilipsScaleSlope": 0.079461,
    "UsePhilipsFloatNotDisplayScaling": 1,
    "EchoTime": 0.03,
    "ImageOrientationPatientDICOM": [
        0.99962,
        0.0275727,
        0,
        -0.0275727,
        0.99962,
        0
    ],
    "ConversionSoftware": "dcm2niix",
    "ConversionSoftwareVersion": "v1.0.20240202",
    "TaskName": null
}