{
    "Manufacturer": "Philips",
    "PatientPosition": "HFS",
    "SeriesDescription": "ImageMRSERIES",
    "ProtocolName": "EPI_rest_newprotSENSE",
    "SeriesNumber": 5,
    "AcquisitionNumber": 5,
    "ImageComments": "MRISCHEDEL",
    "PhilipsRescaleSlope": 4.19829,
    "PhilipsRescaleIntercept": 0,
    "PhilipsScaleSlope": 0.00141898,
    "UsePhilipsFloatNotDisplayScaling": 1,
    "EchoTime": 0.03,
    "ImageOrientationPatientDICOM": [
        0.993936,
        -0.0533783,
        0.0961374,
        0.0848609,
        0.928344,
        -0.361907
    ],
    "ConversionSoftware": "dcm2niix",
    "ConversionSoftwareVersion": "v1.0.20240202",
    "TaskName": null
}