{
  "Manufacturer": "Philips",
  "PatientPosition": "HFS",
  "SeriesDescription": "ImageMRSERIES",
  "ProtocolName": "R_stateSENSE",
  "SeriesNumber": 8,
  "AcquisitionNumber": 8,
  "ImageComments": "NESDA",
  "PhilipsRescaleSlope": 1.728,
  "PhilipsRescaleIntercept": 0,
  "PhilipsScaleSlope": 0.000822,
  "UsePhilipsFloatNotDisplayScaling": 1,
  "EchoTime": 0.028,
  "ImageOrientationPatientDICOM": [
    0.998366,
    0.0131893,
    -0.0555956,
    -0.012198,
    0.999761,
    0.018133
  ],
  "ConversionSoftware": "dcm2niix",
  "ConversionSoftwareVersion": "v1.0.20250505",
  "TaskName": "rest",
  "RepetitionTime": 2.3119,
  "SliceTiming": [
    0.0,
    1.1855897435897436,
    0.05927948717948718,
    1.2448692307692306,
    0.11855897435897436,
    1.304148717948718,
    0.17783846153846153,
    1.3634282051282052,
    0.23711794871794872,
    1.4227076923076922,
    0.2963974358974359,
    1.4819871794871795,
    0.35567692307692306,
    1.5412666666666666,
    0.4149564102564103,
    1.6005461538461538,
    0.47423589743589745,
    1.6598256410256411,
    0.5335153846153846,
    1.719105128205128,
    0.5927948717948718,
    1.7783846153846152,
    0.652074358974359,
    1.8376641025641025,
    0.7113538461538461,
    1.8969435897435898,
    0.7706333333333333,
    1.9562230769230768,
    0.8299128205128206,
    2.0155025641025643,
    0.8891923076923076,
    2.0747820512820514,
    0.9484717948717949,
    2.1340615384615385,
    1.0077512820512822,
    2.1933410256410255,
    1.0670307692307692,
    2.2526205128205126,
    1.1263102564102563
  ],
  "SliceEncodingDirection": "k",
  "PhaseEncodingDirection": "j-",
  "EffectiveEchoSpacing": 0.0102
}