{
    "Manufacturer": "Philips",
    "PatientPosition": "HFS",
    "SeriesDescription": "ImageMRSERIES",
    "ProtocolName": "WIPEPI_rest_newprotSENSE",
    "SeriesNumber": 5,
    "AcquisitionNumber": 5,
    "ImageComments": "Nesda_3",
    "PhilipsRescaleSlope": 43.9438,
    "PhilipsRescaleIntercept": 0,
    "PhilipsScaleSlope": 0.00104185,
    "UsePhilipsFloatNotDisplayScaling": 1,
    "EchoTime": 0.03,
    "ImageOrientationPatientDICOM": [
        0.997487,
        -0.0635571,
        0.0313142,
        0.0680018,
        0.982882,
        -0.171227
    ],
    "ConversionSoftware": "dcm2niix",
    "ConversionSoftwareVersion": "v1.0.20240202",
    "TaskName": null
}