{
  "Manufacturer": "Philips",
  "PatientPosition": "HFS",
  "SeriesDescription": "ImageMRSERIES",
  "ProtocolName": "RestingstateSENSE",
  "SeriesNumber": 8,
  "AcquisitionNumber": 8,
  "ImageComments": "NESDA_M1_100101",
  "PhilipsRescaleSlope": 1.736,
  "PhilipsRescaleIntercept": 0,
  "PhilipsScaleSlope": 0.001376,
  "UsePhilipsFloatNotDisplayScaling": 1,
  "EchoTime": 0.03,
  "ImageOrientationPatientDICOM": [
    0.999962,
    -0.00761241,
    0.00426653,
    0.00698116,
    0.991187,
    0.132289
  ],
  "ConversionSoftware": "dcm2niix",
  "ConversionSoftwareVersion": "v1.0.20250505",
  "TaskName": "rest",
  "RepetitionTime": 2.312,
  "SliceTiming": [
    0.0,
    1.1890285714285713,
    0.06605714285714286,
    1.2550857142857144,
    0.1321142857142857,
    1.3211428571428572,
    0.19817142857142858,
    1.3872,
    0.2642285714285714,
    1.453257142857143,
    0.3302857142857143,
    1.5193142857142858,
    0.39634285714285716,
    1.5853714285714287,
    0.46240000000000003,
    1.6514285714285717,
    0.5284571428571428,
    1.7174857142857143,
    0.5945142857142857,
    1.7835428571428573,
    0.6605714285714286,
    1.8496000000000001,
    0.7266285714285715,
    1.915657142857143,
    0.7926857142857143,
    1.9817142857142858,
    0.8587428571428571,
    2.0477714285714286,
    0.9248000000000001,
    2.1138285714285714,
    0.9908571428571429,
    2.1798857142857146,
    1.0569142857142857,
    2.245942857142857,
    1.1229714285714285
  ],
  "SliceEncodingDirection": "k",
  "PhaseEncodingDirection": "j-",
  "EffectiveEchoSpacing": 0.0143
}