{
	"Manufacturer": "Philips",
	"PatientPosition": "HFS",
	"SeriesDescription": "ImageMRSERIES",
	"ProtocolName": "RestingstateSENSE",
	"SeriesNumber": 8,
	"AcquisitionNumber": 8,
	"ImageComments": "NESDA_M1_210399",
	"PhilipsRescaleSlope": 1.855,
	"PhilipsRescaleIntercept": 0,
	"PhilipsScaleSlope": 0.00123,
	"UsePhilipsFloatNotDisplayScaling": 1,
	"EchoTime": 0.03,
	"ImageOrientationPatientDICOM": [
		0.999651,
		0.00087352,
		-0.0263941,
		-0.00348946,
		0.995059,
		-0.0992282	],
	"ConversionSoftware": "dcm2niix",
	"ConversionSoftwareVersion": "v1.0.20250505"
"SliceTiming": [
    0.0,
    11.890285714285714,
    0.6605714285714286,
    12.550857142857144,
    1.3211428571428572,
    13.211428571428572,
    1.9817142857142858,
    13.872,
    2.6422857142857143,
    14.53257142857143,
    3.302857142857143,
    15.193142857142858,
    3.9634285714285715,
    15.853714285714286,
    4.6240000000000006,
    16.514285714285716,
    5.284571428571429,
    17.174857142857142,
    5.945142857142857,
    17.835428571428572,
    6.605714285714286,
    18.496000000000002,
    7.266285714285715,
    19.15657142857143,
    7.926857142857143,
    19.81714285714286,
    8.587428571428571,
    20.477714285714285,
    9.248000000000001,
    21.138285714285715,
    9.90857142857143,
    21.798857142857145,
    10.569142857142857,
    22.45942857142857,
    11.229714285714286
  ],
  "SliceEncodingDirection": "k",
  "PhaseEncodingDirection": "j-",
  "EffectiveEchoSpacing": 0.0143
}
