{
  "Manufacturer": "Philips",
  "PatientPosition": "HFS",
  "SeriesDescription": "ImageMRSERIES",
  "ProtocolName": "RESTINGSTATESENSE",
  "SeriesNumber": 9,
  "AcquisitionNumber": 9,
  "ImageComments": "NESDA_M1_120596",
  "PhilipsRescaleSlope": 1.8801,
  "PhilipsRescaleIntercept": 0,
  "PhilipsScaleSlope": 0.000858132,
  "UsePhilipsFloatNotDisplayScaling": 1,
  "EchoTime": 0.03,
  "ImageOrientationPatientDICOM": [
    0.994908,
    -0.0000292733,
    -0.100784,
    -0.01094,
    0.99406,
    -0.108286
  ],
  "ConversionSoftware": "dcm2niix",
  "ConversionSoftwareVersion": "v1.0.20250505",
  "RepetitionTime": 2.3150,
  "SliceTiming": [
    0.0,
    11.905714285714284,
    0.6614285714285714,
    12.567142857142857,
    1.3228571428571427,
    13.228571428571428,
    1.984285714285714,
    13.889999999999999,
    2.6457142857142855,
    14.55142857142857,
    3.307142857142857,
    15.21285714285714,
    3.968571428571428,
    15.874285714285712,
    4.63,
    16.535714285714285,
    5.291428571428571,
    17.197142857142854,
    5.952857142857142,
    17.858571428571427,
    6.614285714285714,
    18.52,
    7.275714285714285,
    19.18142857142857,
    7.937142857142856,
    19.84285714285714,
    8.598571428571427,
    20.50428571428571,
    9.26,
    21.165714285714284,
    9.92142857142857,
    21.827142857142857,
    10.582857142857142,
    22.488571428571426,
    11.244285714285713
  ],
  "SliceEncodingDirection": "k",
  "PhaseEncodingDirection": "j-",
  "EffectiveEchoSpaci
}
